GEM
  remote: http://rubygems.org/
  specs:
    gosu (0.10.3)

PLATFORMS
  ruby

DEPENDENCIES
  gosu (~> 0.10.3)

BUNDLED WITH
   1.10.5
